PATH
  remote: .
  specs:
    omniauth-kit (0.0.1)
      faraday (~> 0.9)
      multi_json (~> 1.10)
      oauth2 (~> 1.0)
      omniauth (~> 1.2)

GEM
  remote: https://rubygems.org/
  specs:
    faraday (0.9.1)
      multipart-post (>= 1.2, < 3)
    hashie (3.4.0)
    jwt (1.2.1)
    multi_json (1.10.1)
    multi_xml (0.5.5)
    multipart-post (2.0.0)
    oauth2 (1.0.0)
      faraday (>= 0.8, < 0.10)
      jwt (~> 1.0)
      multi_json (~> 1.3)
      multi_xml (~> 0.5)
      rack (~> 1.2)
    omniauth (1.2.2)
      hashie (>= 1.2, < 4)
      rack (~> 1.0)
    rack (1.6.0)

PLATFORMS
  ruby

DEPENDENCIES
  omniauth-kit!
